GEM
  remote: https://rubygems.org/
  specs:
    asciidoctor (1.5.4)

PLATFORMS
  ruby

DEPENDENCIES
  asciidoctor (~> 1.5, >= 1.5.4)

BUNDLED WITH
   1.10.6
